PATH
  remote: .
  specs:
    gitolite-dtg (0.0.1)
      gratr19 (~> 0.4.4.1)
      grit (~> 2.5.0)
      hashery (~> 1.5.0)

GEM
  remote: http://rubygems.org/
  specs:
    blankslate (3.1.2)
    diff-lcs (1.1.3)
    forgery (0.5.0)
    gratr19 (0.4.4.1)
    grit (2.5.0)
      diff-lcs (~> 1.1)
      mime-types (~> 1.15)
      posix-spawn (~> 0.3.6)
    hashery (1.5.0)
      blankslate
    json (1.6.6)
    mime-types (1.19)
    multi_json (1.3.2)
    posix-spawn (0.3.6)
    rdoc (3.12)
      json (~> 1.4)
    rspec (2.9.0)
      rspec-core (~> 2.9.0)
      rspec-expectations (~> 2.9.0)
      rspec-mocks (~> 2.9.0)
    rspec-core (2.9.0)
    rspec-expectations (2.9.1)
      diff-lcs (~> 1.1.3)
    rspec-mocks (2.9.0)
    simplecov (0.6.2)
      multi_json (~> 1.3)
      simplecov-html (~> 0.5.3)
    simplecov-html (0.5.3)

PLATFORMS
  ruby

DEPENDENCIES
  forgery (~> 0.5.0)
  gitolite-dtg!
  rdoc (~> 3.12)
  rspec (~> 2.9.0)
  simplecov (~> 0.6.2)
